GEM
  remote: https://rubygems.org/
  specs:
    coderay (1.0.8)
    ethon (0.5.12)
      ffi (>= 1.3.0)
      mime-types (~> 1.18)
    ffi (1.9.0)
    haml (4.0.3)
      tilt
    method_source (0.8.1)
    mime-types (1.23)
    pry (0.9.10)
      coderay (~> 1.0.5)
      method_source (~> 0.8)
      slop (~> 3.3.1)
    rack (1.5.2)
    rack-protection (1.5.0)
      rack
    rmagick (2.13.2)
    sinatra (1.4.3)
      rack (~> 1.4)
      rack-protection (~> 1.4)
      tilt (~> 1.3, >= 1.3.4)
    slop (3.3.3)
    tilt (1.4.1)
    typhoeus (0.6.3)
      ethon (~> 0.5.11)

PLATFORMS
  ruby

DEPENDENCIES
  haml
  pry
  rmagick (= 2.13.2)
  sinatra
  typhoeus
